GEM
  remote: https://rubygems.org/
  specs:
    actionmailer (3.2.22.5)
      actionpack (= 3.2.22.5)
      mail (~> 2.5.4)
    actionpack (3.2.22.5)
      activemodel (= 3.2.22.5)
      activesupport (= 3.2.22.5)
      builder (~> 3.0.0)
      erubis (~> 2.7.0)
      journey (~> 1.0.4)
      rack (~> 1.4.5)
      rack-cache (~> 1.2)
      rack-test (~> 0.6.1)
      sprockets (~> 2.2.1)
    activemodel (3.2.22.5)
      activesupport (= 3.2.22.5)
      builder (~> 3.0.0)
    activerecord (3.2.22.5)
      activemodel (= 3.2.22.5)
      activesupport (= 3.2.22.5)
      arel (~> 3.0.2)
      tzinfo (~> 0.3.29)
    activerecord-postgresql-adapter (0.0.1)
      pg
    activeresource (3.2.22.5)
      activemodel (= 3.2.22.5)
      activesupport (= 3.2.22.5)
    activesupport (3.2.22.5)
      i18n (~> 0.6, >= 0.6.4)
      multi_json (~> 1.0)
    addressable (2.5.2)
      public_suffix (>= 2.0.2, < 4.0)
    arel (3.0.3)
    aws-sdk-v1 (1.67.0)
      json (~> 1.4)
      nokogiri (~> 1)
    backbone-on-rails (1.2.0.0)
      eco
      ejs
      jquery-rails
      railties
    bcrypt (3.1.12)
    bcrypt-ruby (3.1.5)
      bcrypt (>= 3.1.3)
    builder (3.0.4)
    capybara (2.18.0)
      addressable
      mini_mime (>= 0.1.3)
      nokogiri (>= 1.3.3)
      rack (>= 1.0.0)
      rack-test (>= 0.5.4)
      xpath (>= 2.0, < 4.0)
    capybara-webkit (1.15.0)
      capybara (>= 2.3, < 4.0)
      json
    climate_control (0.2.0)
    cocaine (0.5.8)
      climate_control (>= 0.0.3, < 1.0)
    coderay (1.1.2)
    coffee-rails (3.2.2)
      coffee-script (>= 2.2.0)
      railties (~> 3.2.0)
    coffee-script (2.4.1)
      coffee-script-source
      execjs
    coffee-script-source (1.12.2)
    concurrent-ruby (1.0.5)
    crack (0.4.3)
      safe_yaml (~> 1.0.0)
    diff-lcs (1.3)
    eco (1.0.0)
      coffee-script
      eco-source
      execjs
    eco-source (1.1.0.rc.1)
    ejs (1.1.1)
    erubis (2.7.0)
    execjs (2.7.0)
    ffi (1.9.25)
    figaro (1.1.1)
      thor (~> 0.14)
    hashdiff (0.3.7)
    hike (1.2.3)
    i18n (0.9.5)
      concurrent-ruby (~> 1.0)
    journey (1.0.4)
    jquery-rails (3.1.5)
      railties (>= 3.0, < 5.0)
      thor (>= 0.14, < 2.0)
    json (1.8.6)
    mail (2.5.5)
      mime-types (~> 1.16)
      treetop (~> 1.4.8)
    method_source (0.9.0)
    mime-types (1.25.1)
    mimemagic (0.3.0)
    mini_mime (1.0.1)
    mini_portile2 (2.3.0)
    multi_json (1.13.1)
    newrelic_rpm (5.3.0.346)
    nokogiri (1.8.4)
      mini_portile2 (~> 2.3.0)
    paperclip (4.3.7)
      activemodel (>= 3.2.0)
      activesupport (>= 3.2.0)
      cocaine (~> 0.5.5)
      mime-types
      mimemagic (= 0.3.0)
    pg (0.21.0)
    polyglot (0.3.5)
    power_assert (1.1.3)
    pry (0.11.3)
      coderay (~> 1.1.0)
      method_source (~> 0.9.0)
    pry-rails (0.3.6)
      pry (>= 0.10.4)
    public_suffix (3.0.3)
    quiet_assets (1.1.0)
      railties (>= 3.1, < 5.0)
    rabl (0.13.1)
      activesupport (>= 2.3.14)
    rack (1.4.7)
    rack-cache (1.8.0)
      rack (>= 0.4)
    rack-ssl (1.3.4)
      rack
    rack-test (0.6.3)
      rack (>= 1.0)
    rails (3.2.22.5)
      actionmailer (= 3.2.22.5)
      actionpack (= 3.2.22.5)
      activerecord (= 3.2.22.5)
      activeresource (= 3.2.22.5)
      activesupport (= 3.2.22.5)
      bundler (~> 1.0)
      railties (= 3.2.22.5)
    railties (3.2.22.5)
      actionpack (= 3.2.22.5)
      activesupport (= 3.2.22.5)
      rack-ssl (~> 1.3.2)
      rake (>= 0.8.7)
      rdoc (~> 3.4)
      thor (>= 0.14.6, < 2.0)
    rake (12.3.1)
    rb-fsevent (0.10.3)
    rb-inotify (0.9.10)
      ffi (>= 0.5.0, < 2)
    rdoc (3.12.2)
      json (~> 1.4)
    rspec-core (3.8.0)
      rspec-support (~> 3.8.0)
    rspec-expectations (3.8.1)
      diff-lcs (>= 1.2.0, < 2.0)
      rspec-support (~> 3.8.0)
    rspec-mocks (3.8.0)
      diff-lcs (>= 1.2.0, < 2.0)
      rspec-support (~> 3.8.0)
    rspec-rails (3.8.0)
      actionpack (>= 3.0)
      activesupport (>= 3.0)
      railties (>= 3.0)
      rspec-core (~> 3.8.0)
      rspec-expectations (~> 3.8.0)
      rspec-mocks (~> 3.8.0)
      rspec-support (~> 3.8.0)
    rspec-support (3.8.0)
    safe_yaml (1.0.4)
    sass (3.5.7)
      sass-listen (~> 4.0.0)
    sass-listen (4.0.0)
      rb-fsevent (~> 0.9, >= 0.9.4)
      rb-inotify (~> 0.9, >= 0.9.7)
    sass-rails (3.2.6)
      railties (~> 3.2.0)
      sass (>= 3.1.10)
      tilt (~> 1.3)
    sprockets (2.2.3)
      hike (~> 1.2)
      multi_json (~> 1.0)
      rack (~> 1.0)
      tilt (~> 1.1, != 1.3.0)
    test-unit (3.2.8)
      power_assert
    thor (0.20.0)
    tilt (1.4.1)
    treetop (1.4.15)
      polyglot
      polyglot (>= 0.3.1)
    tzinfo (0.3.54)
    uglifier (4.1.18)
      execjs (>= 0.3.0, < 3)
    webmock (3.4.2)
      addressable (>= 2.3.6)
      crack (>= 0.3.2)
      hashdiff
    xpath (3.1.0)
      nokogiri (~> 1.8)

PLATFORMS
  ruby

DEPENDENCIES
  activerecord-postgresql-adapter
  aws-sdk-v1
  backbone-on-rails
  bcrypt-ruby
  capybara
  capybara-webkit
  coffee-rails
  ejs
  figaro
  jquery-rails
  newrelic_rpm
  paperclip
  pg (~> 0.11)
  pry-rails
  quiet_assets
  rabl
  rails (~> 3.2.22)
  rspec-rails
  sass-rails
  test-unit
  uglifier
  webmock

RUBY VERSION
   ruby 2.2.9p480

BUNDLED WITH
   1.16.4
